PATH
  remote: .
  specs:
    heisenberg (0.0.1)
      rack-test (>= 0.6.2)

GEM
  remote: http://rubygems.org/
  specs:
    rack (1.4.1)
    rack-test (0.6.2)
      rack (>= 1.0)

PLATFORMS
  ruby

DEPENDENCIES
  heisenberg!
